GEM
  remote: https://rubygems.org/
  specs:
    base64 (0.2.0)
    jwt (2.8.1)
      base64

PLATFORMS
  x64-mingw-ucrt

DEPENDENCIES
  jwt (~> 2.2)

BUNDLED WITH
   2.4.20
