GEM
  remote: https://rubygems.org/
  specs:
    io-console (0.6.0)

PLATFORMS
  x64-mingw-ucrt

DEPENDENCIES
  io-console

BUNDLED WITH
   2.4.20
